GEM
  remote: https://rubygems.org/
  specs:
    ast (2.4.2)
    awesome_print (1.9.2)
    diff-lcs (1.5.1)
    docile (1.3.5)
    jaro_winkler (1.5.6)
    json (2.7.2)
    optimist (3.1.0)
    parallel (1.19.2)
    parser (3.3.5.0)
      ast (~> 2.4.1)
      racc
    racc (1.5.2)
    rainbow (3.1.1)
    rake (12.3.3)
    rexml (3.2.5)
    rspec (3.13.0)
      rspec-core (~> 3.13.0)
      rspec-expectations (~> 3.13.0)
      rspec-mocks (~> 3.13.0)
    rspec-core (3.13.1)
      rspec-support (~> 3.13.0)
    rspec-expectations (3.13.3)
      diff-lcs (>= 1.2.0, < 2.0)
      rspec-support (~> 3.13.0)
    rspec-mocks (3.13.1)
      diff-lcs (>= 1.2.0, < 2.0)
      rspec-support (~> 3.13.0)
    rspec-support (3.13.1)
    rubocop (0.81.0)
      jaro_winkler (~> 1.5.1)
      parallel (~> 1.10)
      parser (>= 2.7.0.1)
      rainbow (>= 2.2.2, < 4.0)
      rexml
      ruby-progressbar (~> 1.7)
      unicode-display_width (>= 1.4.0, < 2.0)
    ruby-progressbar (1.13.0)
    simplecov (0.17.1)
      docile (~> 1.1)
      json (>= 1.8, < 3)
      simplecov-html (~> 0.10.0)
    simplecov-html (0.10.2)
    unicode-display_width (1.8.0)

PLATFORMS
  ruby

DEPENDENCIES
  awesome_print (~> 1.7)
  optimist (~> 3.0)
  rake (~> 12.0)
  rspec (~> 3.6)
  rubocop (~> 0.48)
  simplecov (~> 0.14)

RUBY VERSION
   ruby 2.3.4p301

BUNDLED WITH
   1.17.3
